GEM
  remote: http://rubygems.org/
  specs:
    bubble-wrap (1.4.0)

PLATFORMS
  ruby

DEPENDENCIES
  bubble-wrap (~> 1.4.0)
